GIT
  remote: http://github.com/backupify/rsolr.git
  revision: 3de5b00b00572fedd22270d49d3b25b532e9d0ae
  branch: use_nokogiri
  specs:
    rsolr (0.12.1)
      nokogiri (~> 1.5.0)

PATH
  remote: .
  specs:
    sunspot (1.2.1)
      escape (= 0.0.4)
      pr_geohash (~> 1.0)

GEM
  remote: http://rubygems.org/
  specs:
    escape (0.0.4)
    nokogiri (1.5.0)
    pr_geohash (1.0.0)
    rspec (1.3.2)

PLATFORMS
  ruby

DEPENDENCIES
  rsolr!
  rspec (~> 1.3)
  sunspot (= 1.2.1)!
